PATH
  remote: .
  specs:
    kshah_cli_project (0.1.0)

GEM
  remote: https://rubygems.org/
  specs:
    rake (10.5.0)

PLATFORMS
  ruby

DEPENDENCIES
  bundler (~> 2.0)
  kshah_cli_project!
  rake (~> 10.0)

BUNDLED WITH
   2.0.1
